GEM
  remote: http://rubygems.org/
  specs:
    json (1.6.5)
    rack (1.4.1)
    rack-test (0.6.1)
      rack (>= 1.0)
    sinatra (1.2.8)
      rack (~> 1.1)
      tilt (>= 1.2.2, < 2.0)
    tilt (1.3.3)

PLATFORMS
  ruby

DEPENDENCIES
  json (= 1.6.5)
  rack-test (= 0.6.1)
  sinatra (= 1.2.8)
